PATH
  remote: .
  specs:
    nguyen (1.0.2)
      nokogiri (~> 1.5)

GEM
  remote: https://rubygems.org/
  specs:
    mini_portile2 (2.1.0)
    minitest (5.9.0)
    nokogiri (1.6.8)
      mini_portile2 (~> 2.1.0)
      pkg-config (~> 1.1.7)
    pkg-config (1.1.7)
    rake (11.1.2)

PLATFORMS
  ruby

DEPENDENCIES
  minitest
  nguyen!
  rake

BUNDLED WITH
   1.12.5
